GIT
  remote: git://github.com/himynameisjonas/jekyll.git
  revision: 43b8a7689e744dd47f3af11b6d24dc7efb1d9e2c
  specs:
    jekyll (0.11.2)
      classifier (~> 1.3)
      directory_watcher (~> 1.1)
      kramdown (~> 0.13.4)
      liquid (~> 2.3)
      maruku (~> 0.5)
      pygments.rb (~> 0.2.12)

GIT
  remote: git://github.com/himynameisjonas/rack-jekyll.git
  revision: deb3360f21e1b43886dd10758ac5560fa6fd70f8
  specs:
    rack-jekyll (0.3.7)
      jekyll (~> 0.11.0)
      rack (~> 1.3.2)

GEM
  remote: http://rubygems.org/
  specs:
    addressable (2.3.2)
    blankslate (3.1.2)
    classifier (1.3.3)
      fast-stemmer (>= 1.0.0)
    directory_watcher (1.4.1)
    excon (0.16.10)
    fast-stemmer (1.0.1)
    ffi (1.0.11)
    heroku (2.33.5)
      heroku-api (~> 0.3.7)
      launchy (>= 0.3.2)
      netrc (~> 0.7.7)
      rest-client (~> 1.6.1)
      rubyzip
    heroku-api (0.3.7)
      excon (~> 0.16.10)
    hpricot (0.8.6)
    kgio (2.7.4)
    kramdown (0.13.8)
    launchy (2.1.2)
      addressable (~> 2.3)
    liquid (2.4.1)
    maruku (0.6.1)
      syntax (>= 1.0.0)
    mime-types (1.19)
    netrc (0.7.7)
    pygmentize (0.0.3)
    pygments.rb (0.2.13)
      rubypython (~> 0.5.3)
    rack (1.3.6)
    raindrops (0.10.0)
    rest-client (1.6.7)
      mime-types (>= 1.16)
    rubypython (0.5.3)
      blankslate (>= 2.1.2.3)
      ffi (~> 1.0.7)
    rubyzip (0.9.9)
    syntax (1.0.0)
    unicorn (4.5.0)
      kgio (~> 2.6)
      rack
      raindrops (~> 0.7)

PLATFORMS
  ruby

DEPENDENCIES
  heroku
  hpricot
  jekyll!
  pygmentize
  rack-jekyll!
  unicorn
